GEM
  remote: https://rubygems.org/
  specs:
    erubis (2.7.0)
    i18n (0.6.11)
    mustermann (1.1.1)
      ruby2_keywords (~> 0.0.1)
    rack (2.2.3)
    rack-protection (2.2.0)
      rack
    ruby2_keywords (0.0.5)
    sinatra (2.2.0)
      mustermann (~> 1.0)
      rack (~> 2.2)
      rack-protection (= 2.2.0)
      tilt (~> 2.0)
    tilt (2.0.10)

PLATFORMS
  ruby

DEPENDENCIES
  erubis (= 2.7.0)
  i18n (= 0.6.11)
  sinatra (= 2.2.0)

BUNDLED WITH
   1.10.6
