GEM
  remote: https://rubygems.org/
  specs:
    erubis (2.7.0)
    i18n (0.6.11)
    rack (1.6.13)
    rack-protection (1.5.3)
      rack
    sinatra (1.4.6)
      rack (~> 1.4)
      rack-protection (~> 1.4)
      tilt (>= 1.3, < 3)
    tilt (2.0.1)

PLATFORMS
  ruby

DEPENDENCIES
  erubis (= 2.7.0)
  i18n (= 0.6.11)
  sinatra (= 1.4.6)

BUNDLED WITH
   1.10.6
